GIT
  remote: https://github.com/krutisfood/bundler-test-gem1
  revision: ae25acb875d87d7516a51dfc46d37d70a55c20dd
  specs:
    bundler-test-gem1 (0.0.2)
      git (~> 1.2)

PATH
  remote: .
  specs:
    bundler-test-gem2 (0.0.4)
      git (~> 1.2)

GEM
  remote: https://rubygems.org/
  specs:
    git (1.3.0)

PLATFORMS
  ruby

DEPENDENCIES
  bundler-test-gem1!
  bundler-test-gem2!

BUNDLED WITH
   1.14.6
